PATH
  remote: .
  specs:
    formtastic-foundation (0.1.0)
      formtastic (~> 2.2)

GEM
  remote: https://rubygems.org/
  specs:
    actionpack (3.2.13)
      activemodel (= 3.2.13)
      activesupport (= 3.2.13)
      builder (~> 3.0.0)
      erubis (~> 2.7.0)
      journey (~> 1.0.4)
      rack (~> 1.4.5)
      rack-cache (~> 1.2)
      rack-test (~> 0.6.1)
      sprockets (~> 2.2.1)
    activemodel (3.2.13)
      activesupport (= 3.2.13)
      builder (~> 3.0.0)
    activesupport (3.2.13)
      i18n (= 0.6.1)
      multi_json (~> 1.0)
    ammeter (0.2.9)
      activesupport (>= 3.0)
      railties (>= 3.0)
      rspec (>= 2.2)
      rspec-rails (>= 2.2)
    builder (3.0.4)
    diff-lcs (1.1.3)
    erubis (2.7.0)
    formtastic (2.2.1)
      actionpack (>= 3.0)
    hike (1.2.3)
    i18n (0.6.1)
    journey (1.0.4)
    json (1.8.0)
    multi_json (1.7.7)
    nokogiri (1.5.10)
    rack (1.4.5)
    rack-cache (1.2)
      rack (>= 0.4)
    rack-ssl (1.3.3)
      rack
    rack-test (0.6.2)
      rack (>= 1.0)
    railties (3.2.13)
      actionpack (= 3.2.13)
      activesupport (= 3.2.13)
      rack-ssl (~> 1.3.2)
      rake (>= 0.8.7)
      rdoc (~> 3.4)
      thor (>= 0.14.6, < 2.0)
    rake (10.1.0)
    rdoc (3.12.2)
      json (~> 1.4)
    rspec (2.8.0)
      rspec-core (~> 2.8.0)
      rspec-expectations (~> 2.8.0)
      rspec-mocks (~> 2.8.0)
    rspec-core (2.8.0)
    rspec-expectations (2.8.0)
      diff-lcs (~> 1.1.2)
    rspec-mocks (2.8.0)
    rspec-rails (2.8.1)
      actionpack (>= 3.0)
      activesupport (>= 3.0)
      railties (>= 3.0)
      rspec (~> 2.8.0)
    rspec_tag_matchers (1.0.0)
      nokogiri (>= 1.4.0)
      rspec-rails (>= 1.2.6)
    sprockets (2.2.2)
      hike (~> 1.2)
      multi_json (~> 1.0)
      rack (~> 1.0)
      tilt (~> 1.1, != 1.3.0)
    thor (0.18.1)
    tilt (1.4.1)
    tzinfo (1.0.1)

PLATFORMS
  ruby

DEPENDENCIES
  actionpack (~> 3.0)
  ammeter (~> 0.2.5)
  bundler (~> 1.2)
  formtastic-foundation!
  nokogiri (< 1.6.0)
  rake
  rspec (~> 2.8.0)
  rspec-rails (~> 2.8.0)
  rspec_tag_matchers (>= 1.0.0)
  tzinfo
